GEM
  specs:
    ffi (1.10.0-x64-mingw32)
    jekyll-paginate (1.1.0)
    jekyll-watch (2.1.2)
      listen (~> 3.0)
    kramdown (1.17.0)
    listen (3.1.5)
      rb-fsevent (~> 0.9, >= 0.9.4)
      rb-inotify (~> 0.9, >= 0.9.7)
      ruby_dep (~> 1.2)
    multi_json (1.13.1)
    pygments.rb (1.2.1)
      multi_json (>= 1.0.0)
    rb-fsevent (0.10.3)
    rb-inotify (0.10.0)
      ffi (~> 1.0)
    ruby_dep (1.5.0)

PLATFORMS
  x64-mingw32

DEPENDENCIES
  jekyll-paginate
  jekyll-watch
  kramdown
  pygments.rb

BUNDLED WITH
   2.0.1
